GEM
  remote: https://rubygems.org/
  specs:
    concurrent-ruby (1.1.6)
    faker (2.13.0)
      i18n (>= 1.6, < 2)
    httparty (0.18.1)
      mime-types (~> 3.0)
      multi_xml (>= 0.5.2)
    i18n (1.8.3)
      concurrent-ruby (~> 1.0)
    mime-types (3.3.1)
      mime-types-data (~> 3.2015)
    mime-types-data (3.2020.0512)
    multi_xml (0.6.0)

PLATFORMS
  ruby

DEPENDENCIES
  faker
  httparty

BUNDLED WITH
   1.16.4
